GEM
  remote: https://rubygems.org/
  specs:
    progressbar (1.10.0)
    ruby (0.1.0)
    ruby-progressbar (1.10.0)

PLATFORMS
  ruby

DEPENDENCIES
  progressbar (~> 1.10)
  ruby (~> 0.1.0)
  ruby-progressbar (~> 1.10)

BUNDLED WITH
   2.0.1
